GEM
  remote: https://rubygems.org/
  specs:
    rack (1.6.12)
    rake (10.3.1)

PLATFORMS
  java
  ruby

DEPENDENCIES
  rack
  rake
