GEM
  remote: https://rubygems.org/
  specs:
    rack (2.1.4)
    rake (10.3.1)

PLATFORMS
  java
  ruby

DEPENDENCIES
  rack
  rake
