GEM
  remote: https://rubygems.org/
  specs:
    rack (1.5.2)
    rake (12.3.3)

PLATFORMS
  java
  ruby

DEPENDENCIES
  rack
  rake
