GEM
  remote: https://rubygems.org/
  specs:
    honor_codes (0.1.1)
    rake (12.3.3)
    spruz (0.2.13)

PLATFORMS
  java
  ruby

DEPENDENCIES
  honor_codes
  rake (~> 12.3.3)
  spruz
