GEM
  remote: https://rubygems.org/
  specs:
    rake (12.3.3)
    spruz (0.2.13)

PLATFORMS
  java
  ruby

DEPENDENCIES
  rake (~> 12.3.3)
  spruz
